GEM
  remote: https://rubygems.org/
  specs:
    ethon (0.10.1)
      ffi (>= 1.3.0)
    ffi (1.9.17)
    memory_profiler (0.9.8)
    typhoeus (1.1.2)
      ethon (>= 0.9.0)

PLATFORMS
  ruby

DEPENDENCIES
  memory_profiler
  typhoeus (= 1.1.2)

BUNDLED WITH
   1.14.3
